NUGET
  remote: https://nuget.org/api/v2
  specs:
    FAKE (4.9.1)
    FSharp.Compiler.Service (1.4.0.6)
    FSharp.Core (3.1.2.5)
    FSharp.Formatting (2.12.0)
      FSharp.Compiler.Service (1.4.0.6)
      FSharpVSPowerTools.Core (2.1.0)
    FSharpVSPowerTools.Core (2.1.0)
      FSharp.Compiler.Service (>= 1.4.0.6)
    Microsoft.Bcl (1.1.10)
      Microsoft.Bcl.Build (>= 1.0.14)
    Microsoft.Bcl.Build (1.0.21) - import_targets: false
    Microsoft.Net.Http (2.2.29)
      Microsoft.Bcl (>= 1.1.10)
      Microsoft.Bcl.Build (>= 1.0.14)
    NuGet.CommandLine (2.8.6)
    NUnit (2.6.4)
    NUnit.Runners (2.6.4)
    Octokit (0.16.0)
      Microsoft.Net.Http
    SourceLink.Fake (1.1.0)
GITHUB
  remote: fsharp/FAKE
  specs:
    modules/Octokit/Octokit.fsx (35561a758d7a299e57832375cad11ad6213e70c8)
      Octokit